GEM
  remote: https://rubygems.org/
  specs:
    yajl-ruby (1.4.1)

PLATFORMS
  ruby

DEPENDENCIES
  yajl-ruby (~> 1.4.1)

BUNDLED WITH
   2.1.2
